GIT
  remote: git://github.com/sinatra/sinatra.git
  revision: d51513d094d1fe01543e546d07ef48663ecc2d8f
  specs:
    sinatra (2.0.0.pre.alpha)
      mustermann (~> 0.4)
      rack (= 2.0.0.rc1)
      rack-protection (~> 1.5)
      tilt (~> 2.0)

GEM
  remote: https://rubygems.org/
  specs:
    json (1.8.3)
    mustermann (0.4.0)
      tool (~> 0.2)
    oj (2.15.0)
    pg (0.18.4)
    puma (3.4.0)
    rack (2.0.0.rc1)
      json
    rack-protection (1.5.3)
      rack
    sequel (4.34.0)
    tilt (2.0.2)
    tool (0.2.3)

PLATFORMS
  ruby

DEPENDENCIES
  oj
  pg
  puma
  sequel
  sinatra!

RUBY VERSION
   ruby 2.3.1p112

BUNDLED WITH
   1.12.2
