GEM
  remote: https://rubygems.org/
  specs:
    oj (2.15.0)
    pg (0.18.4)
    puma (3.4.0)
    rack (1.6.4)
    rack-protection (1.5.3)
      rack
    sequel (4.34.0)
    sinatra (1.4.7)
      rack (~> 1.5)
      rack-protection (~> 1.4)
      tilt (>= 1.3, < 3)
    tilt (2.0.2)

PLATFORMS
  ruby

DEPENDENCIES
  oj
  pg
  puma
  sequel
  sinatra

RUBY VERSION
   ruby 2.3.1p112

BUNDLED WITH
   1.12.2
